PATH
  remote: .
  specs:
    gauthic (0.0.4)
      nokogiri (~> 1.5.0)

GEM
  remote: http://rubygems.org/
  specs:
    addressable (2.2.5)
    crack (0.1.8)
    diff-lcs (1.1.2)
    equivalent-xml (0.2.6)
      nokogiri (>= 1.4.3)
    mocha (0.9.12)
    nokogiri (1.5.0)
    rake (0.8.7)
    rspec (2.6.0)
      rspec-core (~> 2.6.0)
      rspec-expectations (~> 2.6.0)
      rspec-mocks (~> 2.6.0)
    rspec-core (2.6.4)
    rspec-expectations (2.6.0)
      diff-lcs (~> 1.1.2)
    rspec-mocks (2.6.0)
    webmock (1.6.2)
      addressable (>= 2.2.2)
      crack (>= 0.1.7)

PLATFORMS
  ruby

DEPENDENCIES
  equivalent-xml (~> 0.2.6)
  gauthic!
  mocha (~> 0.9.12)
  rake (~> 0.8.7)
  rspec (~> 2.6.0)
  webmock (~> 1.6.0)
